GEM
  remote: http://rubygems.org/
  specs:
    cassandra (0.12.1)
      json
      rake
      simple_uuid (>= 0.2.0)
      thrift_client (>= 0.7.0)
    json (1.6.5-java)
    rake (0.9.2.2)
    simple_uuid (0.2.0)
    thrift (0.8.0)
    thrift_client (0.8.1)
      thrift (~> 0.8.0)

PLATFORMS
  java

DEPENDENCIES
  cassandra (= 0.12.1)
